GEM
  remote: http://rubygems.org/
  specs:
    RedCloth (4.2.9)
    compass (0.10.6)
      haml (>= 3.0.4)
    dotenv (0.9.0)
    foreman (0.63.0)
      dotenv (>= 0.7)
      thor (>= 0.13.6)
    haml (3.0.25)
    kgio (2.8.1)
    rack (1.2.1)
    raindrops (0.12.0)
    shotgun (0.8)
      rack (>= 1.0)
    sinatra (1.1.0)
      rack (~> 1.1)
      tilt (~> 1.1)
    thor (0.18.1)
    tilt (1.2.2)
    unicorn (4.8.0)
      kgio (~> 2.6)
      rack
      raindrops (~> 0.7)
    yajl-ruby (0.7.9)

PLATFORMS
  ruby

DEPENDENCIES
  RedCloth
  compass
  foreman
  haml
  shotgun
  sinatra (= 1.1.0)
  unicorn
  yajl-ruby
